GEM
  remote: https://rubygems.org/
  specs:
    actionpack (6.0.3.1)
      actionview (= 6.0.3.1)
      activesupport (= 6.0.3.1)
      rack (~> 2.0, >= 2.0.8)
      rack-test (>= 0.6.3)
      rails-dom-testing (~> 2.0)
      rails-html-sanitizer (~> 1.0, >= 1.2.0)
    actionview (6.0.3.1)
      activesupport (= 6.0.3.1)
      builder (~> 3.1)
      erubi (~> 1.4)
      rails-dom-testing (~> 2.0)
      rails-html-sanitizer (~> 1.1, >= 1.2.0)
    activesupport (6.0.3.1)
      concurrent-ruby (~> 1.0, >= 1.0.2)
      i18n (>= 0.7, < 2)
      minitest (~> 5.1)
      tzinfo (~> 1.1)
      zeitwerk (~> 2.2, >= 2.2.2)
    allocation_stats (0.1.5)
    axiom-types (0.1.1)
      descendants_tracker (~> 0.0.4)
      ice_nine (~> 0.11.0)
      thread_safe (~> 0.3, >= 0.3.1)
    builder (3.2.4)
    coercible (1.0.0)
      descendants_tracker (~> 0.0.1)
    concurrent-ruby (1.1.6)
    crass (1.0.6)
    cuba (3.8.1)
      rack (>= 1.6.0)
    descendants_tracker (0.0.4)
      thread_safe (~> 0.3, >= 0.3.1)
    equalizer (0.0.11)
    erubi (1.9.0)
    flame (4.18.1)
      gorilla-patch (~> 2, >= 2.0.0)
      rack (~> 2)
      thor (~> 0)
      tilt (>= 2.0, < 3)
    gorilla-patch (2.4.0)
    grape (1.1.0)
      activesupport
      builder
      mustermann-grape (~> 1.0.0)
      rack (>= 1.3.0)
      rack-accept
      virtus (>= 1.0.0)
    hanami-router (1.0.1)
      hanami-utils (~> 1.0)
      http_router (= 0.11.2)
      rack (~> 2.0)
    hanami-utils (1.0.2)
      transproc (~> 1.0)
    hobbit (0.6.1)
      rack
    hobby (0.0.12)
      rack
    http_router (0.11.2)
      rack (>= 1.0.0)
      url_mount (~> 0.2.1)
    i18n (1.8.2)
      concurrent-ruby (~> 1.0)
    ice_nine (0.11.2)
    iodine (0.7.38)
    loofah (2.5.0)
      crass (~> 1.0.2)
      nokogiri (>= 1.5.9)
    method_source (1.0.0)
    mini_portile2 (2.4.0)
    minitest (5.14.1)
    mustermann (1.1.1)
      ruby2_keywords (~> 0.0.1)
    mustermann-grape (1.0.1)
      mustermann (>= 1.0.0)
    newark (0.0.8)
      activesupport
      rack (>= 1.5.2)
    nokogiri (1.10.9)
      mini_portile2 (~> 2.4.0)
    plezi (0.15.0)
      bundler (~> 1.14)
      iodine (~> 0.4)
      rack (>= 2.0.0)
    puma (3.12.6)
    rack (2.0.8)
    rack-accept (0.4.5)
      rack (>= 0.4)
    rack-app (7.3.2)
      rack
    rack-protection (2.0.2)
      rack
    rack-test (1.1.0)
      rack (>= 1.0, < 3)
    rackstep (0.0.9)
    rails-dom-testing (2.0.3)
      activesupport (>= 4.2.0)
      nokogiri (>= 1.6)
    rails-html-sanitizer (1.3.0)
      loofah (~> 2.3)
    railties (6.0.3.1)
      actionpack (= 6.0.3.1)
      activesupport (= 6.0.3.1)
      method_source
      rake (>= 0.8.7)
      thor (>= 0.20.3, < 2.0)
    rake (13.0.1)
    rambutan (0.0.1)
      http_router
    roda (2.29.0)
      rack
    ruby2_keywords (0.0.2)
    seg (1.2.0)
    sinatra (2.0.2)
      mustermann (~> 1.0)
      rack (~> 2.0)
      rack-protection (= 2.0.2)
      tilt (~> 2.0)
    syro (3.0.1)
      rack (>= 1.6.0)
      seg
    thor (0.20.3)
    thread_safe (0.3.6)
    tilt (2.0.10)
    transproc (1.0.2)
    tzinfo (1.2.7)
      thread_safe (~> 0.1)
    url_mount (0.2.1)
      rack
    virtus (1.0.5)
      axiom-types (~> 0.1)
      coercible (~> 1.0)
      descendants_tracker (~> 0.0, >= 0.0.3)
      equalizer (~> 0.0, >= 0.0.9)
    watts (1.0.5)
      rack
    zeitwerk (2.3.0)

PLATFORMS
  ruby

DEPENDENCIES
  actionpack
  allocation_stats
  cuba
  flame
  grape
  hanami-router
  hobbit
  hobby
  newark
  plezi
  puma
  rack
  rack-app
  rackstep
  railties
  rambutan
  roda
  sinatra
  syro
  watts

RUBY VERSION
   ruby 2.4.0p0

BUNDLED WITH
   1.15.4
