GIT
  remote: git://github.com/rkh/mustermann.git
  revision: b184b1f86a0085b0ef106a03aa852e91c47c5a5e
  branch: master
  specs:
    mustermann (0.2.0)
      tool (~> 0.2)

GIT
  remote: https://github.com/Wardrop/Scorched
  revision: a5fbfb9f075f7cffbb025fd20607003a282d3947
  branch: master
  specs:
    scorched (0.18)
      rack (~> 1.4)
      rack-accept (~> 0.4)
      tilt (~> 1.4)

GIT
  remote: https://github.com/alisnic/nyny
  revision: c24e2dcb07e293d0e44136bb6ae49c05287fec72
  branch: master
  specs:
    nyny (2.2.1)
      rack
      tilt

GIT
  remote: https://github.com/lotus/router.git
  revision: c2512d7fa4f48b106f41219d410107de225a4e68
  branch: master
  specs:
    lotus-router (0.1.0)
      http_router (~> 0)
      lotus-utils (~> 0)

GIT
  remote: https://github.com/luislavena/brooklyn
  revision: 691c71e3058aaa336e21f84cfcaf581b95375b17
  branch: master
  specs:
    brooklyn (0.0.1)
      rack (~> 1.5.2)

GIT
  remote: https://github.com/patriciomacadden/hobbit
  revision: e647e843a29358c93b6884ba46eabf99bfbc611c
  branch: master
  specs:
    hobbit (0.4.2)
      rack

GEM
  remote: https://rubygems.org/
  specs:
    actionpack (4.0.1)
      activesupport (= 4.0.1)
      builder (~> 3.1.0)
      erubis (~> 2.7.0)
      rack (~> 1.5.2)
      rack-test (~> 0.6.2)
    activesupport (4.0.1)
      i18n (~> 0.6, >= 0.6.4)
      minitest (~> 4.2)
      multi_json (~> 1.3)
      thread_safe (~> 0.1)
      tzinfo (~> 0.3.37)
    allocation_stats (0.1.4)
    atomic (1.1.14)
    builder (3.1.4)
    columnize (0.3.6)
    cuba (3.1.0)
      rack
    debugger (1.6.6)
      columnize (>= 0.3.1)
      debugger-linecache (~> 1.2.0)
      debugger-ruby_core_source (~> 1.3.2)
    debugger-linecache (1.2.0)
    debugger-ruby_core_source (1.3.2)
    erubis (2.7.0)
    http_router (0.11.0)
      rack (>= 1.0.0)
      url_mount (~> 0.2.1)
    i18n (0.6.5)
    innate (2013.02.21)
      rack (~> 1.5.2)
    lotus-utils (0.1.0)
    minitest (4.7.5)
    multi_json (1.8.2)
    nancy (0.3.0)
      rack
      tilt
    puma (2.7.1)
      rack (>= 1.1, < 2.0)
    rack (1.5.2)
    rack-accept (0.4.5)
      rack (>= 0.4)
    rack-protection (1.5.1)
      rack
    rack-test (0.6.2)
      rack (>= 1.0)
    railties (4.0.1)
      actionpack (= 4.0.1)
      activesupport (= 4.0.1)
      rake (>= 0.8.7)
      thor (>= 0.18.1, < 2.0)
    rake (10.1.0)
    ramaze (2012.12.08)
      innate (>= 2012.12)
      rake
    rambutan (0.0.1)
      http_router
    sinatra (1.4.4)
      rack (~> 1.4)
      rack-protection (~> 1.4)
      tilt (~> 1.3, >= 1.3.4)
    thor (0.18.1)
    thread_safe (0.1.3)
      atomic
    tilt (1.4.1)
    tool (0.2.2)
    tzinfo (0.3.38)
    url_mount (0.2.1)
      rack

PLATFORMS
  ruby

DEPENDENCIES
  actionpack (~> 4.0)
  allocation_stats
  brooklyn!
  cuba
  debugger
  hobbit!
  lotus-router!
  mustermann!
  nancy
  nyny!
  puma (~> 2.7.1)
  railties (~> 4.0)
  ramaze
  rambutan
  scorched!
  sinatra
  tzinfo
